GEM
  remote: https://rubygems.org/
  specs:
    awesome_print (1.2.0)
    diff-lcs (1.2.5)
    rake (10.1.0)
    rspec (3.0.0)
      rspec-core (~> 3.0.0)
      rspec-expectations (~> 3.0.0)
      rspec-mocks (~> 3.0.0)
    rspec-core (3.0.1)
      rspec-support (~> 3.0.0)
    rspec-expectations (3.0.1)
      diff-lcs (>= 1.2.0, < 2.0)
      rspec-support (~> 3.0.0)
    rspec-mocks (3.0.1)
      rspec-support (~> 3.0.0)
    rspec-support (3.0.0)
    tapp (1.5.0.rc)
      thor
    tapp-awesome_print (1.0.0)
      awesome_print
      tapp (>= 1.5.0.rc)
    thor (0.19.1)

PLATFORMS
  ruby

DEPENDENCIES
  awesome_print
  rake
  rspec
  tapp-awesome_print
